PATH
  remote: .
  specs:
    rubberband (0.1.1)
      patron
      yajl-ruby

GEM
  remote: http://rubygems.org/
  specs:
    diff-lcs (1.1.2)
    mocha (0.9.12)
    patron (0.4.12)
    rspec (2.5.0)
      rspec-core (~> 2.5.0)
      rspec-expectations (~> 2.5.0)
      rspec-mocks (~> 2.5.0)
    rspec-core (2.5.1)
    rspec-expectations (2.5.0)
      diff-lcs (~> 1.1.2)
    rspec-mocks (2.5.0)
    simplecov (0.4.1)
      simplecov-html (~> 0.4.3)
    simplecov-html (0.4.3)
    yajl-ruby (0.8.2)
    yard (0.6.4)

PLATFORMS
  ruby

DEPENDENCIES
  bundler (~> 1.0.0)
  mocha (~> 0.9.0)
  patron (~> 0.4.12)
  rspec (~> 2.0)
  rubberband!
  simplecov (>= 0.3.8)
  yard (~> 0.6.0)
