PATH
  remote: .
  specs:
    rubberband (0.0.7)
      escape_utils (>= 0.2.3)
      yajl-ruby

GEM
  remote: http://rubygems.org/
  specs:
    diff-lcs (1.1.2)
    escape_utils (0.2.3)
    mocha (0.9.11)
      rake
    rake (0.8.7)
    rspec (2.5.0)
      rspec-core (~> 2.5.0)
      rspec-expectations (~> 2.5.0)
      rspec-mocks (~> 2.5.0)
    rspec-core (2.5.1)
    rspec-expectations (2.5.0)
      diff-lcs (~> 1.1.2)
    rspec-mocks (2.5.0)
    simplecov (0.3.9)
      simplecov-html (>= 0.3.7)
    simplecov-html (0.3.9)
    yajl-ruby (0.8.2)
    yard (0.6.4)

PLATFORMS
  ruby

DEPENDENCIES
  bundler (~> 1.0)
  mocha (~> 0.9.11)
  rspec (~> 2)
  rubberband!
  simplecov (>= 0.3.8)
  yard (~> 0.6)
